GIT
  remote: git://github.com/tachyons/botframework-ruby.git
  revision: 9334bfe34e7455da897915df819ab961a59eeded
  branch: master
  specs:
    bot_framework (0.1.0beta)
      httparty
      jwt
      oauth2

GIT
  remote: git://github.com/tachyons/luis.git
  revision: 617d59fef5420fb05a0967c9a385dcd550983ce3
  specs:
    luis (0.1.1beta)
      httparty

GEM
  remote: https://rubygems.org/
  specs:
    domain_name (0.5.20160826)
      unf (>= 0.0.5, < 1.0.0)
    faraday (0.9.2)
      multipart-post (>= 1.2, < 3)
    http-cookie (1.0.2)
      domain_name (~> 0.5)
    httparty (0.14.0)
      multi_xml (>= 0.5.2)
    json (1.8.3)
    jwt (1.5.6)
    mime-types (2.99.1)
    multi_json (1.12.1)
    multi_xml (0.5.5)
    multipart-post (2.0.0)
    netrc (0.11.0)
    oauth2 (1.2.0)
      faraday (>= 0.8, < 0.10)
      jwt (~> 1.0)
      multi_json (~> 1.3)
      multi_xml (~> 0.5)
      rack (>= 1.2, < 3)
    puma (3.6.0)
    rack (1.6.4)
    rack-protection (1.5.3)
      rack
    rest-client (1.8.0)
      http-cookie (>= 1.0.2, < 2.0)
      mime-types (>= 1.16, < 3.0)
      netrc (~> 0.7)
    sinatra (1.4.7)
      rack (~> 1.5)
      rack-protection (~> 1.4)
      tilt (>= 1.3, < 3)
    stock_quote (1.2.6)
      json
      rest-client (~> 1.8)
    tilt (2.0.5)
    unf (0.1.4)
      unf_ext
    unf_ext (0.0.7.2)

PLATFORMS
  ruby

DEPENDENCIES
  bot_framework!
  luis!
  puma
  sinatra
  stock_quote

BUNDLED WITH
   1.12.5
